GEM
  remote: https://rubygems.org/
  specs:
    wdm (0.1.1)

PLATFORMS
  x64-mingw32

DEPENDENCIES
  wdm (~> 0.1.1)

BUNDLED WITH
   1.17.1
